GEM
  remote: https://rubygems.org/
  specs:
    minitest (5.11.3)
    ruby2d (0.8.1)

PLATFORMS
  x64-mingw32

DEPENDENCIES
  minitest (~> 5)
  ruby2d (~> 0.8.1)

BUNDLED WITH
   2.0.1
